PATH
  remote: .
  specs:
    gel (0.1.0)
      pub_grub (= 0.5.0.alpha3)

GEM
  remote: https://rubygems.org/
  specs:
    addressable (2.5.2)
      public_suffix (>= 2.0.2, < 4.0)
    crack (0.4.3)
      safe_yaml (~> 1.0.0)
    hashdiff (0.3.7)
    metaclass (0.0.4)
    minitest (5.10.3)
    mocha (1.8.0)
      metaclass (~> 0.0.1)
    pub_grub (0.5.0.alpha3)
    public_suffix (3.0.1)
    rake (12.3.0)
    safe_yaml (1.0.4)
    webmock (3.1.1)
      addressable (>= 2.3.6)
      crack (>= 0.3.2)
      hashdiff

PLATFORMS
  ruby

DEPENDENCIES
  gel!
  minitest (~> 5.0)
  mocha
  rake (~> 12.0)
  webmock

BUNDLED WITH
   1.999
