PATH
  remote: .
  specs:
    gel (0.3.0)

GEM
  remote: https://rubygems.org/
  specs:
    addressable (2.6.0)
      public_suffix (>= 2.0.2, < 4.0)
    crack (0.4.3)
      safe_yaml (~> 1.0.0)
    hashdiff (0.3.8)
    hpricot (0.8.6)
    metaclass (0.0.4)
    minitest (5.11.3)
    mocha (1.8.0)
      metaclass (~> 0.0.1)
    mustache (1.1.0)
    pub_grub (0.5.0)
    public_suffix (3.0.3)
    rake (12.3.2)
    rdiscount (2.2.0.1)
    ronn (0.7.3)
      hpricot (>= 0.8.2)
      mustache (>= 0.7.0)
      rdiscount (>= 1.5.8)
    safe_yaml (1.0.5)
    webmock (3.5.1)
      addressable (>= 2.3.6)
      crack (>= 0.3.2)
      hashdiff

PLATFORMS
  ruby

DEPENDENCIES
  gel!
  minitest (~> 5.0)
  mocha
  pub_grub (>= 0.5.0)
  rake (~> 12.0)
  ronn
  webmock

BUNDLED WITH
   1.999
